PATH
  remote: .
  specs:
    built.io (0.9.0)
      faraday (~> 0.9)
      i18n
      inflecto
      oj (~> 2)

GEM
  remote: https://rubygems.org/
  specs:
    coderay (1.1.1)
    faraday (0.9.2)
      multipart-post (>= 1.2, < 3)
    i18n (0.7.0)
    inflecto (0.0.2)
    method_source (0.8.2)
    multipart-post (2.0.0)
    oj (2.15.0)
    pry (0.10.3)
      coderay (~> 1.1.0)
      method_source (~> 0.8.1)
      slop (~> 3.4)
    rake (11.1.2)
    slop (3.6.0)

PLATFORMS
  ruby

DEPENDENCIES
  built.io!
  bundler
  pry
  rake (~> 11)

BUNDLED WITH
   1.10.6
